GEM
  remote: https://rubygems.org/
  specs:
    minitest (5.26.0)

PLATFORMS
  ruby
  x86_64-linux

DEPENDENCIES
  minitest (~> 5.0)

RUBY VERSION
   ruby 3.4.4p34

BUNDLED WITH
   2.6.7
